GEM
  remote: https://rubygems.org/
  specs:
    addressable (2.8.7)
      public_suffix (>= 2.0.2, < 7.0)
    base64 (0.3.0)
    cgi (0.5.0)
    charlock_holmes (0.7.9)
    commonmarker (2.3.0)
      rb_sys (~> 0.9)
    csv (3.3.5)
    faraday (2.13.1)
      faraday-net_http (>= 2.0, < 3.5)
      json
      logger
    faraday-net_http (3.4.1)
      net-http (>= 0.5.0)
    faraday-retry (2.3.2)
      faraday (~> 2.0)
    github-linguist (9.2.0)
      cgi
      charlock_holmes (~> 0.7.7)
      mini_mime (~> 1.0)
      rugged (~> 1.0)
    json (2.12.2)
    logger (1.7.0)
    mini_mime (1.1.5)
    net-http (0.6.0)
      uri
    octokit (10.0.0)
      faraday (>= 1, < 3)
      sawyer (~> 0.9)
    openjournals-nameable (1.2.0)
      csv
    public_suffix (6.0.2)
    rake-compiler-dock (1.9.1)
    rb_sys (0.9.116)
      rake-compiler-dock (= 1.9.1)
    rugged (1.9.0)
    sawyer (0.9.2)
      addressable (>= 2.3.5)
      faraday (>= 0.17.3, < 3)
    theoj (1.11.0)
      base64
      commonmarker (~> 2.3)
      faraday (~> 2.13)
      faraday-retry (~> 2.3)
      github-linguist (~> 9.2)
      octokit (~> 10.0)
      openjournals-nameable (~> 1.2)
      rugged (~> 1.9)
    uri (1.0.3)

PLATFORMS
  ruby

DEPENDENCIES
  theoj

BUNDLED WITH
   2.5.10
